PATH
  remote: .
  specs:
    queryparser (1.0.1)

GEM
  remote: https://rubygems.org/
  specs:
    minitest (5.7.0)

PLATFORMS
  ruby

DEPENDENCIES
  minitest
  queryparser!
