PATH
  remote: .
  specs:
    queryparser (1.0.1)

GEM
  remote: https://rubygems.org/
  specs:

PLATFORMS
  ruby

DEPENDENCIES
  queryparser!
